GIT
  remote: git://github.com/callumj/RadioKeeper.git
  revision: 5deeeb5b8248a725094d25aed83e51d091f53833
  specs:
    radio_keeper (0.1)
      activesupport
      nokogiri

GEM
  remote: http://rubygems.org/
  specs:
    activesupport (3.2.9)
      i18n (~> 0.6)
      multi_json (~> 1.0)
    aws-sdk (1.16.1)
      json (~> 1.4)
      nokogiri (< 1.6.0)
      uuidtools (~> 2.1)
    builder (3.2.2)
    coderay (1.0.9)
    i18n (0.6.1)
    json (1.8.0)
    method_source (0.8.2)
    multi_json (1.5.0)
    nokogiri (1.5.5)
    pry (0.9.12.2)
      coderay (~> 1.0.5)
      method_source (~> 0.8)
      slop (~> 3.4)
    rake (10.0.2)
    slop (3.4.6)
    uuidtools (2.1.4)

PLATFORMS
  ruby

DEPENDENCIES
  activesupport
  aws-sdk
  builder
  pry
  radio_keeper!
  rake
