GIT
  remote: git://github.com/callumj/media_baron.git
  revision: fdb0a79ff8fa1f1ed48b36d59bfbbe6ed6eb4656
  specs:
    media_baron (0.1)
      activesupport
      addressable
      amatch
      faraday
      faraday_middleware
      nokogiri
      open4
      tzinfo

GEM
  remote: http://rubygems.org/
  specs:
    activesupport (6.0.1)
      concurrent-ruby (~> 1.0, >= 1.0.2)
      i18n (>= 0.7, < 2)
      minitest (~> 5.1)
      tzinfo (~> 1.1)
      zeitwerk (~> 2.2)
    addressable (2.3.5)
    amatch (0.2.11)
      tins (~> 0.3)
    atomic (1.1.15)
    aws-sdk (1.16.1)
      json (~> 1.4)
      nokogiri (< 1.6.0)
      uuidtools (~> 2.1)
    builder (3.2.2)
    clockwork (0.7.2)
      activesupport
      tzinfo
    coderay (1.0.9)
    concurrent-ruby (1.1.5)
    faraday (0.8.9)
      multipart-post (~> 1.2.0)
    faraday_middleware (0.9.0)
      faraday (>= 0.7.4, < 0.9)
    i18n (1.7.0)
      concurrent-ruby (~> 1.0)
    json (1.8.0)
    method_source (0.8.2)
    minitest (5.13.0)
    multipart-post (1.2.0)
    nokogiri (1.5.11)
    open4 (1.3.3)
    pry (0.9.12.2)
      coderay (~> 1.0.5)
      method_source (~> 0.8)
      slop (~> 3.4)
    rake (10.0.2)
    slop (3.4.6)
    thread_safe (0.2.0)
      atomic (>= 1.1.7, < 2)
    tins (0.13.2)
    tzinfo (1.1.0)
      thread_safe (~> 0.1)
    uuidtools (2.1.4)
    zeitwerk (2.2.1)

PLATFORMS
  ruby

DEPENDENCIES
  activesupport
  aws-sdk
  builder
  clockwork
  media_baron!
  pry
  rake
